STORAGE: NONE
RESTRICTION: == netstandard2.0
NUGET
  remote: https://www.nuget.org/api/v2
    dotnet-fable (2.0.0-alpha-032) - clitool: true
    Fable.Core (2.0.0-alpha-014)
      FSharp.Core (>= 4.3.4)
    Fable.Elmish (1.0.3)
      Fable.Core (>= 1.3.8)
      Fable.PowerPack (>= 1.3.4)
      FSharp.Core (>= 4.2.3)
    Fable.Elmish.Browser (1.0)
      Fable.Core (>= 1.2.4)
      Fable.Elmish (>= 1.0)
      Fable.Import.Browser (>= 0.1)
      FSharp.Core (>= 4.2.3)
    Fable.Elmish.HMR (1.0)
      Fable.Core (>= 1.2.4)
      Fable.Elmish (>= 0.9.2)
      FSharp.Core (>= 4.2.3)
    Fable.Elmish.React (1.0.3)
      Fable.Core (>= 1.3.8)
      Fable.Elmish (>= 1.0.1)
      Fable.PowerPack (>= 1.3.2)
      Fable.React (>= 2.0)
      FSharp.Core (>= 4.2.3)
    Fable.Import.Browser (1.1.3)
      Fable.Core (>= 1.3.17)
    Fable.Import.Node (0.4.3)
      Fable.Core (>= 1.3.8)
    Fable.PowerPack (1.5.1)
      Fable.Core (>= 1.3.8)
      Fable.Import.Browser (>= 1.0)
      FSharp.Core (>= 4.2.3)
    Fable.React (4.0.0-alpha-001)
      Fable.Core (>= 2.0.0-alpha-006)
      Fable.Import.Browser (>= 1.1.1)
      FSharp.Core (>= 4.3.4)
    FSharp.Core (4.5.1) - content: none, redirects: force
    Fulma (1.0.0-beta-025)
      Fable.Core (>= 1.3.12)
      Fable.React (>= 3.1)
    Fulma.Extensions (1.0.0-beta-016)
      Fable.Core (>= 1.3.12)
      Fable.React (>= 3.1)
      Fulma (>= 1.0.0-beta-019)
    Thoth.Json (2.0.0-beta-003)
      Fable.Core (>= 2.0.0-alpha-011)
      FSharp.Core (>= 4.5)

GROUP Build
RESTRICTION: == net46
NUGET
  remote: https://www.nuget.org/api/v2
    FAKE (4.64.13)
